GEM
  remote: https://rubygems.org/
  specs:
    bcrypt (3.1.13)
    coderay (1.1.2)
    dotenv (2.7.5)
    equatable (0.6.1)
    logger (1.4.2)
    method_source (0.9.2)
    necromancer (0.5.1)
    pastel (0.7.3)
      equatable (~> 0.6)
      tty-color (~> 0.5)
    pg (1.1.4)
    pry (0.12.2)
      coderay (~> 1.1.0)
      method_source (~> 0.9.0)
    tty-color (0.5.0)
    tty-cursor (0.7.0)
    tty-prompt (0.20.0)
      necromancer (~> 0.5.0)
      pastel (~> 0.7.0)
      tty-reader (~> 0.7.0)
    tty-reader (0.7.0)
      tty-cursor (~> 0.7)
      tty-screen (~> 0.7)
      wisper (~> 2.0.0)
    tty-screen (0.7.0)
    wisper (2.0.1)

PLATFORMS
  ruby

DEPENDENCIES
  bcrypt (~> 3.0)!
  dotenv!
  logger (~> 1.0)!
  pg (~> 1.0)!
  pry!
  tty-prompt!

RUBY VERSION
   ruby 2.6.5p114

BUNDLED WITH
   2.0.2
