GEM
  remote: https://rubygems.org/
  specs:
    coderay (1.1.2)
    dotenv (2.7.5)
    logger (1.4.2)
    method_source (0.9.2)
    pg (1.1.4)
    pry (0.12.2)
      coderay (~> 1.1.0)
      method_source (~> 0.9.0)

PLATFORMS
  ruby

DEPENDENCIES
  dotenv!
  logger (~> 1.0)!
  pg (~> 1.0)!
  pry!

RUBY VERSION
   ruby 2.6.5p114

BUNDLED WITH
   2.0.2
